GEM
  remote: http://rubygems.org/
  specs:
    ZenTest (4.4.0)
    activemodel (6.0.0)
      activesupport (= 6.0.0)
    activesupport (6.0.0)
      concurrent-ruby (~> 1.0, >= 1.0.2)
      i18n (>= 0.7, < 2)
      minitest (~> 5.1)
      tzinfo (~> 1.1)
      zeitwerk (~> 2.1, >= 2.1.8)
    columnize (0.3.1)
    concurrent-ruby (1.1.5)
    diff-lcs (1.1.2)
    i18n (1.7.0)
      concurrent-ruby (~> 1.0)
    linecache (0.43)
    minitest (5.12.2)
    rcov (0.9.9)
    rr (1.0.0)
    rspec (2.0.0)
      rspec-core (= 2.0.0)
      rspec-expectations (= 2.0.0)
      rspec-mocks (= 2.0.0)
    rspec-core (2.0.0)
    rspec-expectations (2.0.0)
      diff-lcs (>= 1.1.2)
    rspec-mocks (2.0.0)
      rspec-core (= 2.0.0)
      rspec-expectations (= 2.0.0)
    ruby-debug (0.10.3)
      columnize (>= 0.1)
      ruby-debug-base (~> 0.10.3.0)
    ruby-debug-base (0.10.3)
      linecache (>= 0.3)
    thread_safe (0.3.6)
    tzinfo (1.2.5)
      thread_safe (~> 0.1)
    zeitwerk (2.2.0)

PLATFORMS
  ruby

DEPENDENCIES
  ZenTest
  activemodel (~> 6.0.0)
  activesupport (~> 6.0.0)
  rcov
  rr
  rspec (~> 2.0)
  ruby-debug
